GEM
  remote: https://rubygems.org/
  specs:
    concurrent-ruby (1.0.5)
    rack (2.0.4)
    sprockets (3.7.1)
      concurrent-ruby (~> 1.0)
      rack (> 1, < 3)

PLATFORMS
  ruby

DEPENDENCIES
  sprockets

BUNDLED WITH
   1.16.0
